GEM
  remote: https://rubygems.org/
  specs:
    ffi (1.9.10)
    jekyll-tagging (1.0.1)
      ruby-nuggets
    jekyll-watch (1.3.0)
      listen (~> 3.0)
    listen (3.0.5)
      rb-fsevent (>= 0.9.3)
      rb-inotify (>= 0.9)
    nuggets (1.0.0)
    rb-fsevent (0.9.6)
    rb-inotify (0.9.5)
      ffi (>= 0.5.0)
    redcarpet (3.3.3)
    ruby-nuggets (1.0.0)
      nuggets (= 1.0.0)

PLATFORMS
  ruby

DEPENDENCIES
  jekyll-tagging
  jekyll-watch
  redcarpet

BUNDLED WITH
   1.10.6
